GEM
  remote: https://rubygems.org/
  specs:
    asciidoctor (2.0.17)
    rake (13.0.6)

PLATFORMS
  ruby

DEPENDENCIES
  asciidoctor
  rake

BUNDLED WITH
   1.17.2
